NUGET
  remote: https://nuget.org/api/v2
  specs:
    AjaxMin (5.14.5506.26202)
    FAKE (4.3.4)
    FSharp.Actor-logary (3.4.1)
      FSharp.Core (>= 3.1.2.5)
    FSharp.Compiler.Service (1.4.0.4)
    FSharp.Core (4.0.0.1)
    FSharp.Formatting (2.10.0)
      FSharp.Compiler.Service (>= 0.0.87)
      FSharpVSPowerTools.Core (1.8.0)
    FSharpVSPowerTools.Core (1.8.0)
      FSharp.Compiler.Service (>= 0.0.87)
    FsPickler (1.3.7)
    Logary (3.4.1)
      FSharp.Actor-logary (>= 3.4.1)
      FSharp.Core (>= 3.1.2.5)
      Newtonsoft.Json (>= 6.0.8)
      Newtonsoft.Json.FSharp (>= 3.2.2)
      NodaTime (>= 1.3.1)
      NodaTime.Serialization.JsonNet (>= 1.3.1)
    Logary.Adapters.Suave (3.4.1)
      FSharp.Core (>= 3.1.2.5)
      Logary (>= 3.4.1)
      NodaTime (>= 1.3.1)
      Suave (>= 0.31.2)
    Microsoft.AspNet.Razor (3.2.3) - framework: >= net45
    Newtonsoft.Json (7.0.1)
    Newtonsoft.Json.FSharp (3.2.2)
      FSharp.Core (>= 3.1.2.1)
      Newtonsoft.Json (>= 6.0.8)
      NodaTime (>= 1.3.0)
    NodaTime (1.3.1)
    NodaTime.Serialization.JsonNet (1.3.1)
      Newtonsoft.Json (>= 4.5.11)
      NodaTime (>= 1.3.0)
    RazorEngine (3.7.2)
      Microsoft.AspNet.Razor (>= 3.0.0) - framework: >= net45
      Microsoft.AspNet.Razor (2.0.30506.0) - framework: >= net40 < net45
    Suave (0.31.2)
      FSharp.Core (>= 3.1.2.5)
      FsPickler (>= 1.2.5)
