NUGET
  remote: https://www.nuget.org/api/v2
  specs:
    AjaxMin (5.14.5506.26202)
    FAKE (4.20.0)
    FSharp.Actor-logary (3.6.1)
      FSharp.Core (>= 3.1.2.5)
    FSharp.Compiler.Service (2.0.0.4)
    FSharp.Core (4.0.0.1)
    FSharp.Formatting (2.14.0)
      FSharp.Compiler.Service (>= 2.0.0.3 < 2.1.0)
      FSharpVSPowerTools.Core (>= 2.3.0 < 2.4.0)
    FSharpVSPowerTools.Core (2.3.0)
      FSharp.Compiler.Service (>= 2.0.0.3)
    ListML (1.1.0)
    Logary (3.6.1)
      FSharp.Actor-logary (>= 3.6.1)
      FSharp.Core (>= 3.1.2.5)
      Newtonsoft.Json (>= 7.0.1)
      Newtonsoft.Json.FSharp (>= 3.2.2)
      NodaTime (>= 1.3.1)
      NodaTime.Serialization.JsonNet (>= 1.3.1)
    Logary.Adapters.Suave (3.6.1)
      FSharp.Core (>= 3.1.2.5)
      Logary (>= 3.6.1)
      NodaTime (>= 1.3.1)
      Suave (>= 1.1.0)
    Newtonsoft.Json (8.0.2)
    Newtonsoft.Json.FSharp (3.2.2)
      FSharp.Core (>= 3.1.2.1)
      Newtonsoft.Json (>= 6.0.8)
      NodaTime (>= 1.3.0)
    NodaTime (1.3.1)
    NodaTime.Serialization.JsonNet (1.3.1)
      Newtonsoft.Json (>= 4.5.11)
      NodaTime (>= 1.3.0)
    Suave (1.1.1)
      FSharp.Core (>= 3.1.2.5)
